GIT
  remote: https://github.com/shirasagi/mongoid
  revision: ca2d42c4a88625a4b145e55a80db5df5eb880ba8
  branch: 7.3-stable-MONGOID-5183
  specs:
    mongoid (7.3.3.ss.pre.1)
      activemodel (>= 5.1, < 6.2)
      mongo (>= 2.10.5, < 3.0.0)
      ruby2_keywords (~> 0.0.5)

GEM
  remote: https://rubygems.org/
  specs:
    actioncable (6.1.4.1)
      actionpack (= 6.1.4.1)
      activesupport (= 6.1.4.1)
      nio4r (~> 2.0)
      websocket-driver (>= 0.6.1)
    actionmailbox (6.1.4.1)
      actionpack (= 6.1.4.1)
      activejob (= 6.1.4.1)
      activerecord (= 6.1.4.1)
      activestorage (= 6.1.4.1)
      activesupport (= 6.1.4.1)
      mail (>= 2.7.1)
    actionmailer (6.1.4.1)
      actionpack (= 6.1.4.1)
      actionview (= 6.1.4.1)
      activejob (= 6.1.4.1)
      activesupport (= 6.1.4.1)
      mail (~> 2.5, >= 2.5.4)
      rails-dom-testing (~> 2.0)
    actionpack (6.1.4.1)
      actionview (= 6.1.4.1)
      activesupport (= 6.1.4.1)
      rack (~> 2.0, >= 2.0.9)
      rack-test (>= 0.6.3)
      rails-dom-testing (~> 2.0)
      rails-html-sanitizer (~> 1.0, >= 1.2.0)
    actiontext (6.1.4.1)
      actionpack (= 6.1.4.1)
      activerecord (= 6.1.4.1)
      activestorage (= 6.1.4.1)
      activesupport (= 6.1.4.1)
      nokogiri (>= 1.8.5)
    actionview (6.1.4.1)
      activesupport (= 6.1.4.1)
      builder (~> 3.1)
      erubi (~> 1.4)
      rails-dom-testing (~> 2.0)
      rails-html-sanitizer (~> 1.1, >= 1.2.0)
    activejob (6.1.4.1)
      activesupport (= 6.1.4.1)
      globalid (>= 0.3.6)
    activemodel (6.1.4.1)
      activesupport (= 6.1.4.1)
    activerecord (6.1.4.1)
      activemodel (= 6.1.4.1)
      activesupport (= 6.1.4.1)
    activestorage (6.1.4.1)
      actionpack (= 6.1.4.1)
      activejob (= 6.1.4.1)
      activerecord (= 6.1.4.1)
      activesupport (= 6.1.4.1)
      marcel (~> 1.0.0)
      mini_mime (>= 1.1.0)
    activesupport (6.1.4.1)
      concurrent-ruby (~> 1.0, >= 1.0.2)
      i18n (>= 1.6, < 2)
      minitest (>= 5.1)
      tzinfo (~> 2.0)
      zeitwerk (~> 2.3)
    addressable (2.8.0)
      public_suffix (>= 2.0.2, < 5.0)
    aes_key_wrap (1.1.0)
    amazing_print (1.3.0)
    ast (2.4.2)
    autosize-rails (1.18.17)
      rails (>= 3.1)
    bindata (2.4.10)
    binding_of_caller (1.0.0)
      debug_inspector (>= 0.0.1)
    bootsnap (1.9.3)
      msgpack (~> 1.0)
    brakeman (5.1.1)
    browser (5.3.1)
    bson (4.12.1)
    buftok (0.2.0)
    builder (3.2.4)
    bxslider-rails (4.2.5.1)
    byebug (11.1.3)
    capybara (3.35.3)
      addressable
      mini_mime (>= 0.1.3)
      nokogiri (~> 1.8)
      rack (>= 1.6.0)
      rack-test (>= 0.6.3)
      regexp_parser (>= 1.5, < 3.0)
      xpath (~> 3.2)
    childprocess (3.0.0)
    clam_scan (0.0.2)
    coderay (1.1.3)
    coffee-rails (5.0.0)
      coffee-script (>= 2.2.0)
      railties (>= 5.2.0)
    coffee-script (2.4.1)
      coffee-script-source
      execjs
    coffee-script-source (1.12.2)
    concurrent-ruby (1.1.9)
    connection_pool (2.2.5)
    crack (0.4.5)
      rexml
    crass (1.0.6)
    debase (0.2.5.beta2)
      debase-ruby_core_source (>= 0.10.12)
    debase-ruby_core_source (0.10.14)
    debug_inspector (1.1.0)
    diff-lcs (1.4.4)
    diffy (3.4.0)
    docile (1.4.0)
    docker-api (2.2.0)
      excon (>= 0.47.0)
      multi_json
    domain_name (0.5.20190701)
      unf (>= 0.0.5, < 1.0.0)
    dotenv (2.7.6)
    dotenv-rails (2.7.6)
      dotenv (= 2.7.6)
      railties (>= 3.2)
    ebnf (2.2.1)
      amazing_print (~> 1.2)
      htmlentities (~> 4.3)
      rdf (~> 3.1)
      scanf (~> 1.0)
      sxp (~> 1.1)
      unicode-types (~> 1.6)
    elasticsearch (7.5.0)
      elasticsearch-api (= 7.5.0)
      elasticsearch-transport (= 7.5.0)
    elasticsearch-api (7.5.0)
      multi_json
    elasticsearch-transport (7.5.0)
      faraday (>= 0.14, < 1)
      multi_json
    equalizer (0.0.11)
    erubi (1.10.0)
    excon (0.85.0)
    execjs (2.7.0)
    factory_bot (6.2.0)
      activesupport (>= 5.0.0)
    factory_bot_rails (6.2.0)
      factory_bot (~> 6.2.0)
      railties (>= 5.0.0)
    faraday (0.17.4)
      multipart-post (>= 1.2, < 3)
    fast_blank (1.0.1)
    fastimage (2.2.5)
    ffi (1.12.2)
    ffi-compiler (1.0.1)
      ffi (>= 1.0.0)
      rake
    formatador (0.3.0)
    fullcalendar.io-rails (2.6.1)
      jquery-rails (>= 3.1.0, < 5.0)
      momentjs-rails (~> 2.8, >= 2.8.4)
    fuubar (2.5.1)
      rspec-core (~> 3.0)
      ruby-progressbar (~> 1.4)
    geocoder (1.6.7)
    get_process_mem (0.2.7)
      ffi (~> 1.0)
    globalid (0.5.2)
      activesupport (>= 5.0)
    google-cloud-core (1.6.0)
      google-cloud-env (~> 1.0)
      google-cloud-errors (~> 1.0)
    google-cloud-env (1.5.0)
      faraday (>= 0.17.3, < 2.0)
    google-cloud-errors (1.1.0)
    google-cloud-translate (2.0.0)
      faraday (~> 0.13)
      google-cloud-core (~> 1.2)
      google-gax (~> 1.7)
    google-gax (1.8.1)
      google-protobuf (~> 3.9)
      googleapis-common-protos (>= 1.3.9, < 2.0)
      googleauth (~> 0.9)
      grpc (~> 1.24)
      rly (~> 0.2.3)
    google-protobuf (3.19.2)
    googleapis-common-protos (1.3.11)
      google-protobuf (~> 3.14)
      googleapis-common-protos-types (>= 1.0.6, < 2.0)
      grpc (~> 1.27)
    googleapis-common-protos-types (1.1.0)
      google-protobuf (~> 3.14)
    googleauth (0.17.0)
      faraday (>= 0.17.3, < 2.0)
      jwt (>= 1.4, < 3.0)
      memoist (~> 0.16)
      multi_json (~> 1.11)
      os (>= 0.9, < 2.0)
      signet (~> 0.14)
    grpc (1.38.0)
      google-protobuf (~> 3.15)
      googleapis-common-protos-types (~> 1.0)
    guard (2.18.0)
      formatador (>= 0.2.4)
      listen (>= 2.7, < 4.0)
      lumberjack (>= 1.0.12, < 2.0)
      nenv (~> 0.1)
      notiffany (~> 0.0)
      pry (>= 0.13.0)
      shellany (~> 0.0)
      thor (>= 0.18.1)
    guard-brakeman (0.8.6)
      brakeman (>= 2.1.1)
      guard (>= 2.0.0)
      guard-compat (~> 1.0)
    guard-compat (1.2.1)
    guard-rspec (4.3.1)
      guard (~> 2.1)
      rspec (>= 2.14, < 4.0)
    guard-rubocop (1.5.0)
      guard (~> 2.0)
      rubocop (< 2.0)
    guard-scss_lint (0.1.7)
      guard-compat (~> 1.1)
      scss_lint (~> 0.50)
    haml (5.2.2)
      temple (>= 0.8.0)
      tilt
    hamster (3.0.0)
      concurrent-ruby (~> 1.0)
    hashdiff (1.0.1)
    hashie (4.1.0)
    holiday_japan (1.4.4)
    htmlentities (4.3.4)
    http (4.4.1)
      addressable (~> 2.3)
      http-cookie (~> 1.0)
      http-form_data (~> 2.2)
      http-parser (~> 1.2.0)
    http-cookie (1.0.4)
      domain_name (~> 0.5)
    http-form_data (2.3.0)
    http-parser (1.2.3)
      ffi-compiler (>= 1.0, < 2.0)
    http_accept_language (2.1.1)
    http_parser.rb (0.6.0)
    httpauth (0.2.1)
    i18n (1.8.10)
      concurrent-ruby (~> 1.0)
    icalendar (2.7.1)
      ice_cube (~> 0.16)
    ice_cube (0.16.3)
    jbuilder (2.11.2)
      activesupport (>= 5.0.0)
    jquery-form-rails (1.0.1)
      jquery-rails
    jquery-minicolors-rails (2.2.6.2)
      jquery-rails
      rails (>= 3.2.8)
    jquery-rails (4.4.0)
      rails-dom-testing (>= 1, < 3)
      railties (>= 4.2.0)
      thor (>= 0.14, < 2.0)
    jquery-ui-rails (6.0.1)
      railties (>= 3.2.16)
    js_cookie_rails (2.2.0)
      railties (>= 3.1)
    json (2.5.1)
    json-jwt (1.13.0)
      activesupport (>= 4.2)
      aes_key_wrap
      bindata
    jwt (2.2.3)
    kaminari (1.2.1)
      activesupport (>= 4.1.0)
      kaminari-actionview (= 1.2.1)
      kaminari-activerecord (= 1.2.1)
      kaminari-core (= 1.2.1)
    kaminari-actionview (1.2.1)
      actionview
      kaminari-core (= 1.2.1)
    kaminari-activerecord (1.2.1)
      activerecord
      kaminari-core (= 1.2.1)
    kaminari-core (1.2.1)
    kaminari-mongoid (1.0.1)
      kaminari-core (~> 1.0)
      mongoid
    kgio (2.11.4)
    kramdown (2.3.1)
      rexml
    kramdown-parser-gfm (1.1.0)
      kramdown (~> 2.0)
    levenshtein (0.2.2)
    libv8-node (15.14.0.1)
    line-bot-api (1.22.0)
    link_header (0.0.8)
    liquid (5.0.1)
    listen (3.7.0)
      rb-fsevent (~> 0.10, >= 0.10.3)
      rb-inotify (~> 0.9, >= 0.9.10)
    logger (1.4.3)
    loofah (2.12.0)
      crass (~> 1.0.2)
      nokogiri (>= 1.5.9)
    lumberjack (1.2.8)
    mail (2.7.1)
      mini_mime (>= 0.1.1)
    mail-iso-2022-jp (2.0.9)
      mail (>= 2.2.6, <= 2.7.1)
    marcel (1.0.2)
    marked-rails (0.3.2.0)
    memoist (0.16.2)
    memoizable (0.4.2)
      thread_safe (~> 0.3, >= 0.3.1)
    method_source (1.0.0)
    mime-types (3.3.1)
      mime-types-data (~> 3.2015)
    mime-types-data (3.2021.0704)
    mini_magick (4.11.0)
    mini_mime (1.1.1)
    mini_portile2 (2.8.0)
    mini_racer (0.4.0)
      libv8-node (~> 15.14.0.0)
    minitest (5.14.4)
    momentjs-rails (2.20.1)
      railties (>= 3.1)
    mongo (2.15.1)
      bson (>= 4.8.2, < 5.0.0)
    mongo_session_store (3.2.1)
      actionpack (>= 4.0)
      mongo (~> 2.0)
    mongoid-compatibility (0.5.1)
      activesupport
      mongoid (>= 2.0)
    mongoid-geospatial (5.1.0)
      mongoid (>= 4.0.0)
    mongoid-grid_fs (2.4.0)
      mime-types (>= 1.0, < 4.0)
      mongoid (>= 3.0, < 8.0)
    mongoid-rspec (4.1.0)
      activesupport (>= 3.0.0)
      mongoid (>= 3.1)
      mongoid-compatibility (>= 0.5.1)
      rspec-core (~> 3.3)
      rspec-expectations (~> 3.3)
      rspec-mocks (~> 3.3)
    msgpack (1.4.2)
    multi_json (1.15.0)
    multi_xml (0.6.0)
    multipart-post (2.1.1)
    naught (1.1.0)
    nenv (0.3.0)
    net-http-persistent (4.0.1)
      connection_pool (~> 2.2)
    net-ldap (0.17.0)
    nio4r (2.5.8)
    nokogiri (1.13.6)
      mini_portile2 (~> 2.8.0)
      racc (~> 1.4)
    non-stupid-digest-assets (1.0.9)
      sprockets (>= 2.0)
    notiffany (0.1.3)
      nenv (~> 0.1)
      shellany (~> 0.0)
    oauth (0.5.6)
    oauth2 (1.4.7)
      faraday (>= 0.8, < 2.0)
      jwt (>= 1.0, < 3.0)
      multi_json (~> 1.3)
      multi_xml (~> 0.5)
      rack (>= 1.2, < 3)
    oj (3.13.2)
    omniauth (2.0.4)
      hashie (>= 3.4.6)
      rack (>= 1.6.2, < 3)
      rack-protection
    omniauth-facebook (8.0.0)
      omniauth-oauth2 (~> 1.2)
    omniauth-github (2.0.0)
      omniauth (~> 2.0)
      omniauth-oauth2 (~> 1.7.1)
    omniauth-google-oauth2 (1.0.0)
      jwt (>= 2.0)
      oauth2 (~> 1.1)
      omniauth (~> 2.0)
      omniauth-oauth2 (~> 1.7.1)
    omniauth-line (0.1.0)
      json (>= 2.3.0)
      omniauth-oauth2 (~> 1.3)
    omniauth-oauth (1.2.0)
      oauth
      omniauth (>= 1.0, < 3)
    omniauth-oauth2 (1.7.1)
      oauth2 (~> 1.4)
      omniauth (>= 1.9, < 3)
    omniauth-rails_csrf_protection (1.0.0)
      actionpack (>= 4.2)
      omniauth (~> 2.0)
    omniauth-twitter (1.4.0)
      omniauth-oauth (~> 1.1)
      rack
    omniauth-yahoojp (0.2.1)
      httpauth
      omniauth (>= 1.0)
      omniauth-oauth2 (>= 1.1)
    os (1.1.1)
    parallel (1.21.0)
    parser (3.0.2.0)
      ast (~> 2.4.1)
    pdf-core (0.9.0)
    prawn (2.4.0)
      pdf-core (~> 0.9.0)
      ttfunk (~> 1.7)
    pry (0.13.1)
      coderay (~> 1.1)
      method_source (~> 1.0)
    pry-byebug (3.9.0)
      byebug (~> 11.0)
      pry (~> 0.13.0)
    pry-doc (1.1.0)
      pry (~> 0.11)
      yard (~> 0.9.11)
    pry-rails (0.3.9)
      pry (>= 0.10.4)
    pry-stack_explorer (0.6.1)
      binding_of_caller (~> 1.0)
      pry (~> 0.13)
    public_suffix (4.0.6)
    puma (5.6.4)
      nio4r (~> 2.0)
    racc (1.6.0)
    rack (2.2.3)
    rack-protection (2.1.0)
      rack
    rack-test (1.1.0)
      rack (>= 1.0, < 3)
    rails (6.1.4.1)
      actioncable (= 6.1.4.1)
      actionmailbox (= 6.1.4.1)
      actionmailer (= 6.1.4.1)
      actionpack (= 6.1.4.1)
      actiontext (= 6.1.4.1)
      actionview (= 6.1.4.1)
      activejob (= 6.1.4.1)
      activemodel (= 6.1.4.1)
      activerecord (= 6.1.4.1)
      activestorage (= 6.1.4.1)
      activesupport (= 6.1.4.1)
      bundler (>= 1.15.0)
      railties (= 6.1.4.1)
      sprockets-rails (>= 2.0.0)
    rails-controller-testing (1.0.5)
      actionpack (>= 5.0.1.rc1)
      actionview (>= 5.0.1.rc1)
      activesupport (>= 5.0.1.rc1)
    rails-dom-testing (2.0.3)
      activesupport (>= 4.2.0)
      nokogiri (>= 1.6)
    rails-html-sanitizer (1.4.2)
      loofah (~> 2.3)
    rails_autolink (1.1.6)
      rails (> 3.1)
    railties (6.1.4.1)
      actionpack (= 6.1.4.1)
      activesupport (= 6.1.4.1)
      method_source
      rake (>= 0.13)
      thor (~> 1.0)
    rainbow (3.0.0)
    raindrops (0.19.2)
    rake (13.0.6)
    rb-fsevent (0.10.3)
    rb-inotify (0.10.1)
      ffi (~> 1.0)
    rdf (3.1.15)
      hamster (~> 3.0)
      link_header (~> 0.0, >= 0.0.8)
    rdf-aggregate-repo (3.1.0)
      rdf (~> 3.1)
    rdf-rdfa (3.1.3)
      haml (~> 5.2)
      htmlentities (~> 4.3)
      rdf (~> 3.1, >= 3.1.13)
      rdf-aggregate-repo (~> 3.1)
      rdf-vocab (~> 3.1, >= 3.1.11)
      rdf-xsd (~> 3.1)
    rdf-rdfxml (3.1.1)
      htmlentities (~> 4.3)
      rdf (~> 3.1)
      rdf-rdfa (~> 3.1)
      rdf-xsd (~> 3.1)
    rdf-turtle (3.1.3)
      ebnf (~> 2.1)
      rdf (~> 3.1, >= 3.1.8)
    rdf-vocab (3.1.14)
      rdf (~> 3.1, >= 3.1.12)
    rdf-xsd (3.1.1)
      rdf (~> 3.1)
      rexml (~> 3.2)
    rdoc (6.3.3)
    regexp_parser (2.1.1)
    retriable (3.1.2)
    rexml (3.2.5)
    rly (0.2.3)
    romaji (0.2.4)
      rake (>= 0.8.0)
    roo (2.8.3)
      nokogiri (~> 1)
      rubyzip (>= 1.3.0, < 3.0.0)
    rspec (3.7.0)
      rspec-core (~> 3.7.0)
      rspec-expectations (~> 3.7.0)
      rspec-mocks (~> 3.7.0)
    rspec-collection_matchers (1.2.0)
      rspec-expectations (>= 2.99.0.beta1)
    rspec-core (3.7.1)
      rspec-support (~> 3.7.0)
    rspec-expectations (3.7.0)
      diff-lcs (>= 1.2.0, < 2.0)
      rspec-support (~> 3.7.0)
    rspec-its (1.3.0)
      rspec-core (>= 3.0.0)
      rspec-expectations (>= 3.0.0)
    rspec-mocks (3.7.0)
      diff-lcs (>= 1.2.0, < 2.0)
      rspec-support (~> 3.7.0)
    rspec-rails (3.7.2)
      actionpack (>= 3.0)
      activesupport (>= 3.0)
      railties (>= 3.0)
      rspec-core (~> 3.7.0)
      rspec-expectations (~> 3.7.0)
      rspec-mocks (~> 3.7.0)
      rspec-support (~> 3.7.0)
    rspec-retry (0.6.2)
      rspec-core (> 3.3)
    rspec-support (3.7.1)
    rss (0.2.7)
    rubocop (1.18.4)
      parallel (~> 1.10)
      parser (>= 3.0.0.0)
      rainbow (>= 2.2.2, < 4.0)
      regexp_parser (>= 1.8, < 3.0)
      rexml
      rubocop-ast (>= 1.8.0, < 2.0)
      ruby-progressbar (~> 1.7)
      unicode-display_width (>= 1.4.0, < 3.0)
    rubocop-ast (1.12.0)
      parser (>= 3.0.1.1)
    rubocop-performance (1.6.1)
      rubocop (>= 0.71.0)
    rubocop-rails (2.11.3)
      activesupport (>= 4.2.0)
      rack (>= 1.1)
      rubocop (>= 1.7.0, < 2.0)
    rubocop-rspec (1.41.0)
      rubocop (>= 0.68.1)
    ruby-debug-ide (0.7.2)
      rake (>= 0.8.1)
    ruby-progressbar (1.11.0)
    ruby-saml (1.12.2)
      nokogiri (>= 1.10.5)
      rexml
    ruby2_keywords (0.0.5)
    rubyzip (2.3.2)
    sass (3.7.4)
      sass-listen (~> 4.0.0)
    sass-listen (4.0.0)
      rb-fsevent (~> 0.9, >= 0.9.4)
      rb-inotify (~> 0.9, >= 0.9.7)
    sassc (2.3.0)
      ffi (~> 1.9)
    sassc-rails (2.1.2)
      railties (>= 4.0.0)
      sassc (>= 2.0)
      sprockets (> 3.0)
      sprockets-rails
      tilt
    scanf (1.0.0)
    scss_lint (0.59.0)
      sass (~> 3.5, >= 3.5.5)
    sdoc (1.0.0)
      rdoc (>= 5.0)
    selenium-webdriver (3.142.7)
      childprocess (>= 0.5, < 4.0)
      rubyzip (>= 1.2.2)
    shellany (0.0.1)
    signet (0.15.0)
      addressable (~> 2.3)
      faraday (>= 0.17.3, < 2.0)
      jwt (>= 1.5, < 3.0)
      multi_json (~> 1.10)
    simple_oauth (0.3.1)
    simplecov (0.21.2)
      docile (~> 1.1)
      simplecov-html (~> 0.11)
      simplecov_json_formatter (~> 0.1)
    simplecov-csv (0.1.3)
      simplecov
    simplecov-html (0.12.3)
    simplecov-lcov (0.8.0)
    simplecov_json_formatter (0.1.3)
    sparql (3.1.8)
      builder (~> 3.2)
      ebnf (~> 2.1)
      logger (~> 1.4)
      rdf (~> 3.1, >= 3.1.14)
      rdf-aggregate-repo (~> 3.1)
      rdf-xsd (~> 3.1)
      sparql-client (~> 3.1, >= 3.1.2)
      sxp (~> 1.1)
    sparql-client (3.1.2)
      net-http-persistent (~> 4.0, >= 4.0.1)
      rdf (~> 3.1)
    spring (2.0.2)
      activesupport (>= 4.2)
    sprockets (3.7.2)
      concurrent-ruby (~> 1.0)
      rack (> 1, < 3)
    sprockets-rails (3.2.2)
      actionpack (>= 4.0)
      activesupport (>= 4.0)
      sprockets (>= 3.0.0)
    sxp (1.1.0)
      rdf (~> 3.1)
    temple (0.8.2)
    terminal-notifier-guard (1.7.0)
    test-queue (0.4.2)
    thinreports (0.12.0)
      prawn (~> 2.2)
      rexml
    thor (1.1.0)
    thread_safe (0.3.6)
    tilt (2.0.10)
    timecop (0.9.4)
    ttfunk (1.7.0)
    twitter (7.0.0)
      addressable (~> 2.3)
      buftok (~> 0.2.0)
      equalizer (~> 0.0.11)
      http (~> 4.0)
      http-form_data (~> 2.0)
      http_parser.rb (~> 0.6.0)
      memoizable (~> 0.4.0)
      multipart-post (~> 2.0)
      naught (~> 1.0)
      simple_oauth (~> 0.3.0)
    tzinfo (2.0.4)
      concurrent-ruby (~> 1.0)
    uglifier (4.1.20)
      execjs (>= 0.3.0, < 3)
    unf (0.1.4)
      unf_ext
    unf_ext (0.0.7.7)
    ungarbled (0.0.11)
      activesupport
      browser (>= 0.4)
    unicode-display_width (2.1.0)
    unicode-types (1.6.0)
    unicorn (6.0.0)
      kgio (~> 2.6)
      raindrops (~> 0.7)
    unicorn-worker-killer (0.4.5)
      get_process_mem (~> 0)
      unicorn (>= 4, < 7)
    view_component (2.52.0)
      activesupport (>= 5.0.0, < 8.0)
      method_source (~> 1.0)
    wareki (1.1.0)
      ya_kansuji (> 0.0.9, < 2.0.0)
    webdrivers (4.6.1)
      nokogiri (~> 1.6)
      rubyzip (>= 1.3.0)
      selenium-webdriver (>= 3.0, < 4.0)
    webmock (3.14.0)
      addressable (>= 2.8.0)
      crack (>= 0.3.2)
      hashdiff (>= 0.4.0, < 2.0.0)
    websocket-driver (0.7.5)
      websocket-extensions (>= 0.1.0)
    websocket-extensions (0.1.5)
    xpath (3.2.0)
      nokogiri (~> 1.8)
    ya_kansuji (0.2.0)
    yard (0.9.26)
    zeitwerk (2.4.2)

PLATFORMS
  ruby

DEPENDENCIES
  addressable
  autosize-rails
  bootsnap
  brakeman
  browser
  bxslider-rails
  capybara
  clam_scan
  coffee-rails
  debase (= 0.2.5.beta2)
  diff-lcs
  diffy
  docker-api
  dotenv-rails
  elasticsearch
  factory_bot_rails
  faraday
  fast_blank
  fastimage
  fullcalendar.io-rails (~> 2.6.0)
  fuubar
  geocoder
  google-cloud-translate (= 2.0.0)
  guard
  guard-brakeman
  guard-rspec (~> 4.3.1)
  guard-rubocop
  guard-scss_lint
  holiday_japan
  http_accept_language
  icalendar
  jbuilder
  jquery-form-rails
  jquery-minicolors-rails
  jquery-rails
  jquery-ui-rails
  js_cookie_rails
  json-jwt
  jwt
  kaminari
  kaminari-mongoid
  kramdown
  kramdown-parser-gfm
  levenshtein
  line-bot-api
  liquid
  mail-iso-2022-jp
  marcel
  marked-rails
  mini_magick
  mini_racer
  momentjs-rails
  mongo_session_store
  mongoid!
  mongoid-geospatial
  mongoid-grid_fs
  mongoid-rspec
  net-ldap
  non-stupid-digest-assets
  oauth2
  oj
  omniauth
  omniauth-facebook
  omniauth-github
  omniauth-google-oauth2
  omniauth-line
  omniauth-rails_csrf_protection
  omniauth-twitter
  omniauth-yahoojp
  pry-byebug
  pry-doc
  pry-rails
  pry-stack_explorer
  puma
  rails (~> 6.1.0)
  rails-controller-testing
  rails_autolink
  rdf-rdfxml
  rdf-turtle
  retriable
  rexml
  romaji
  roo
  rspec
  rspec-collection_matchers
  rspec-its
  rspec-rails
  rspec-retry
  rss
  rubocop (= 1.18.4)
  rubocop-performance
  rubocop-rails (= 2.11.3)
  rubocop-rspec
  ruby-debug-ide
  ruby-saml
  rubyzip (~> 2.3.0)
  sass
  sassc-rails
  scss_lint
  sdoc
  selenium-webdriver
  simplecov
  simplecov-csv
  simplecov-html
  simplecov-lcov
  sparql
  sparql-client
  spring (~> 2.0.2)
  sprockets (< 4.0)
  terminal-notifier-guard
  test-queue
  thinreports
  timecop
  twitter
  uglifier
  unf
  ungarbled
  unicorn
  unicorn-worker-killer
  view_component
  wareki
  webdrivers
  webmock
  yard

BUNDLED WITH
   2.2.32
